GEM
  remote: http://rubygems.org/
  specs:
    active_link_to (1.0.0)
    chunky_png (1.2.5)
    compass (0.12.1)
      chunky_png (~> 1.2)
      fssm (>= 0.2.7)
      sass (~> 3.1)
    compass-bootstrap (0.1.3)
      compass (>= 0.10.0)
    fssm (0.2.9)
    rack (1.4.1)
    rack-protection (1.2.0)
      rack
    sass (3.1.16)
    sinatra (1.3.2)
      rack (~> 1.3, >= 1.3.6)
      rack-protection (~> 1.2)
      tilt (~> 1.3, >= 1.3.3)
    tilt (1.3.3)

PLATFORMS
  ruby

DEPENDENCIES
  active_link_to
  compass
  compass-bootstrap
  sinatra
